GIT
  remote: https://github.com/jetstack-experimental/beaker.git
  revision: 270ecd04ffbb76d8fd5b66cc856c8cda9f9e314c
  branch: fix-test-rerun
  specs:
    beaker (3.24.0)
      beaker-aws (~> 0.1)
      beaker-docker (~> 0.1)
      beaker-google (~> 0.1)
      beaker-hiera (~> 0.0)
      beaker-hostgenerator
      beaker-openstack (~> 0.1)
      beaker-puppet (~> 0.0)
      beaker-vagrant (~> 0.1)
      beaker-vcloud (~> 0.1)
      beaker-vmpooler (~> 1.0)
      beaker-vmware (~> 0.1)
      hocon (~> 1.0)
      in-parallel (~> 0.1)
      inifile (~> 3.0)
      minitar (~> 0.6)
      minitest (~> 5.4)
      net-scp (~> 1.2)
      net-ssh (~> 4.0)
      open_uri_redirections (~> 0.2.1)
      pry-byebug (~> 3.4.2)
      rb-readline (~> 0.5.3)
      rsync (~> 1.0.9)
      stringify-hash (~> 0.0)
      thor (~> 0.19)

GEM
  remote: https://rubygems.org/
  specs:
    CFPropertyList (2.2.8)
    activesupport (6.1.4)
      concurrent-ruby (~> 1.0, >= 1.0.2)
      i18n (>= 1.6, < 2)
      minitest (>= 5.1)
      tzinfo (~> 2.0)
      zeitwerk (~> 2.3)
    addressable (2.8.0)
      public_suffix (>= 2.0.2, < 5.0)
    ansi (1.5.0)
    ast (2.4.2)
    aws-sdk (2.10.3)
      aws-sdk-resources (= 2.10.3)
    aws-sdk-core (2.10.3)
      aws-sigv4 (~> 1.0)
      jmespath (~> 1.0)
    aws-sdk-resources (2.10.3)
      aws-sdk-core (= 2.10.3)
    aws-sdk-v1 (1.67.0)
      json (~> 1.4)
      nokogiri (~> 1)
    aws-sigv4 (1.0.0)
    beaker-abs (0.5.0)
    beaker-answers (0.29.0)
      hocon (~> 1.0)
      require_all (>= 1.3.2, < 3.1.0)
      stringify-hash (~> 0.0.0)
    beaker-aws (0.4.0)
      aws-sdk-v1 (~> 1.57)
      stringify-hash (~> 0.0.0)
    beaker-docker (0.8.4)
      docker-api (~> 2.1)
      stringify-hash (~> 0.0.0)
    beaker-google (0.2.1)
      google-api-client (~> 0.8)
      stringify-hash (~> 0.0.0)
    beaker-hiera (0.2.0)
      stringify-hash (~> 0.0.0)
    beaker-hostgenerator (1.5.0)
      deep_merge (~> 1.0)
      stringify-hash (~> 0.0.0)
    beaker-openstack (0.3.0)
      fog-openstack (~> 1.0.0)
      stringify-hash (~> 0.0.0)
    beaker-pe (1.41.1)
      beaker-abs
      beaker-answers (~> 0.0)
      stringify-hash (~> 0.0.0)
    beaker-puppet (0.17.1)
      in-parallel (~> 0.1)
      oga
      stringify-hash (~> 0.0.0)
    beaker-puppet_install_helper (0.9.4)
      beaker (>= 2.0)
    beaker-rspec (6.3.0)
      beaker (> 3.0)
      beaker-pe
      rspec (~> 3.0)
      serverspec (~> 2)
      specinfra (~> 2)
    beaker-vagrant (0.7.1)
    beaker-vcloud (0.4.0)
      beaker-vmpooler
      beaker-vmware
      rbvmomi (~> 1.9)
      stringify-hash (~> 0.0.0)
    beaker-vmpooler (1.4.0)
      stringify-hash (~> 0.0.0)
    beaker-vmware (0.3.0)
      fission (~> 0.4)
      rbvmomi (~> 1.9)
      stringify-hash (~> 0.0.0)
    builder (3.2.4)
    byebug (9.0.6)
    coderay (1.1.3)
    concurrent-ruby (1.1.9)
    declarative (0.0.20)
    deep_merge (1.2.1)
    diff-lcs (1.4.4)
    docker-api (2.2.0)
      excon (>= 0.47.0)
      multi_json
    domain_name (0.5.20161129)
      unf (>= 0.0.5, < 1.0.0)
    excon (0.84.0)
    facter (2.4.6)
      CFPropertyList (~> 2.2.6)
    faraday (1.5.0)
      faraday-em_http (~> 1.0)
      faraday-em_synchrony (~> 1.0)
      faraday-excon (~> 1.1)
      faraday-httpclient (~> 1.0.1)
      faraday-net_http (~> 1.0)
      faraday-net_http_persistent (~> 1.1)
      faraday-patron (~> 1.0)
      multipart-post (>= 1.2, < 3)
      ruby2_keywords (>= 0.0.4)
    faraday-em_http (1.0.0)
    faraday-em_synchrony (1.0.0)
    faraday-excon (1.1.0)
    faraday-httpclient (1.0.1)
    faraday-net_http (1.0.1)
    faraday-net_http_persistent (1.1.0)
    faraday-patron (1.0.0)
    fast_gettext (1.1.0)
    fission (0.5.0)
      CFPropertyList (~> 2.2)
    fog-core (2.2.4)
      builder
      excon (~> 0.71)
      formatador (~> 0.2)
      mime-types
    fog-json (1.2.0)
      fog-core
      multi_json (~> 1.10)
    fog-openstack (1.0.11)
      fog-core (~> 2.1)
      fog-json (>= 1.0)
      ipaddress (>= 0.8)
    formatador (0.3.0)
    gems (1.2.0)
    gettext (3.2.3)
      locale (>= 2.0.5)
      text (>= 1.3.0)
    gettext-setup (0.25)
      fast_gettext (~> 1.1.0)
      gettext (>= 3.0.2)
      locale
    google-api-client (0.53.0)
      google-apis-core (~> 0.1)
      google-apis-generator (~> 0.1)
    google-apis-core (0.4.0)
      addressable (~> 2.5, >= 2.5.1)
      googleauth (>= 0.16.2, < 2.a)
      httpclient (>= 2.8.1, < 3.a)
      mini_mime (~> 1.0)
      representable (~> 3.0)
      retriable (>= 2.0, < 4.a)
      rexml
      webrick
    google-apis-discovery_v1 (0.6.0)
      google-apis-core (>= 0.4, < 2.a)
    google-apis-generator (0.4.0)
      activesupport (>= 5.0)
      gems (~> 1.2)
      google-apis-core (>= 0.4, < 2.a)
      google-apis-discovery_v1 (~> 0.5)
      thor (>= 0.20, < 2.a)
    googleauth (0.16.2)
      faraday (>= 0.17.3, < 2.0)
      jwt (>= 1.4, < 3.0)
      memoist (~> 0.16)
      multi_json (~> 1.11)
      os (>= 0.9, < 2.0)
      signet (~> 0.14)
    hiera (3.3.1)
    hocon (1.3.1)
    http-cookie (1.0.3)
      domain_name (~> 0.5)
    httpclient (2.8.3)
    i18n (1.8.10)
      concurrent-ruby (~> 1.0)
    in-parallel (0.1.17)
    inifile (3.0.0)
    ipaddress (0.8.3)
    jmespath (1.3.1)
    json (1.8.6)
    json_pure (1.8.6)
    jwt (2.2.3)
    locale (2.1.2)
    memoist (0.16.2)
    metaclass (0.0.4)
    metadata-json-lint (1.2.2)
      json
      semantic_puppet (>= 0.1.2, < 2.0.0)
      spdx-licenses (~> 1.0)
    method_source (1.0.0)
    mime-types (3.3.1)
      mime-types-data (~> 3.2015)
    mime-types-data (3.2021.0704)
    mini_mime (1.1.0)
    mini_portile2 (2.5.3)
    minitar (0.9)
    minitest (5.14.4)
    mocha (1.2.1)
      metaclass (~> 0.0.1)
    multi_json (1.15.0)
    multipart-post (2.1.1)
    net-scp (1.2.1)
      net-ssh (>= 2.6.5)
    net-ssh (4.2.0)
    net-telnet (0.1.1)
    netrc (0.11.0)
    nokogiri (1.11.7)
      mini_portile2 (~> 2.5.0)
      racc (~> 1.4)
    oga (3.3)
      ast
      ruby-ll (~> 2.1)
    open_uri_redirections (0.2.1)
    os (1.1.1)
    parallel (1.11.2)
    parser (2.4.0.0)
      ast (~> 2.2)
    powerpack (0.1.1)
    pry (0.14.1)
      coderay (~> 1.1)
      method_source (~> 1.0)
    pry-byebug (3.4.3)
      byebug (>= 9.0, < 9.1)
      pry (~> 0.10)
    public_suffix (4.0.6)
    puppet (4.10.4)
      CFPropertyList (~> 2.2.6)
      facter (> 2.0, < 4)
      gettext-setup (>= 0.10, < 1)
      hiera (>= 2.0, < 4)
      json_pure (~> 1.8)
      locale (~> 2.1)
    puppet-blacksmith (3.3.1)
      puppet (>= 2.7.16)
      rest-client
    puppet-lint (2.2.1)
    puppet-strings (1.1.0)
      yard (~> 0.9.5)
    puppet-syntax (2.4.0)
      rake
    puppet_readme_generator (0.2.0)
      puppet-strings (~> 1.0)
      rake
    puppetlabs_spec_helper (2.2.0)
      mocha (~> 1.0)
      puppet-lint (~> 2.0)
      puppet-syntax (~> 2.0)
      rspec-puppet (~> 2.0)
    racc (1.5.2)
    rainbow (2.2.2)
      rake
    rake (12.0.0)
    rb-readline (0.5.5)
    rbvmomi (1.13.0)
      builder (~> 3.0)
      json (>= 1.8)
      nokogiri (~> 1.5)
      trollop (~> 2.1)
    representable (3.1.1)
      declarative (< 0.1.0)
      trailblazer-option (>= 0.1.1, < 0.2.0)
      uber (< 0.2.0)
    require_all (3.0.0)
    rest-client (2.0.0)
      http-cookie (>= 1.0.2, < 2.0)
      mime-types (>= 1.16, < 4.0)
      netrc (~> 0.8)
    retriable (3.1.2)
    rexml (3.2.5)
    rspec (3.6.0)
      rspec-core (~> 3.6.0)
      rspec-expectations (~> 3.6.0)
      rspec-mocks (~> 3.6.0)
    rspec-core (3.6.0)
      rspec-support (~> 3.6.0)
    rspec-expectations (3.6.0)
      diff-lcs (>= 1.2.0, < 2.0)
      rspec-support (~> 3.6.0)
    rspec-its (1.3.0)
      rspec-core (>= 3.0.0)
      rspec-expectations (>= 3.0.0)
    rspec-mocks (3.6.0)
      diff-lcs (>= 1.2.0, < 2.0)
      rspec-support (~> 3.6.0)
    rspec-puppet (2.5.0)
      rspec
    rspec-retry (0.5.5)
      rspec-core (> 3.3, < 3.7)
    rspec-support (3.6.0)
    rsync (1.0.9)
    rubocop (0.49.1)
      parallel (~> 1.10)
      parser (>= 2.3.3.1, < 3.0)
      powerpack (~> 0.1)
      rainbow (>= 1.99.1, < 3.0)
      ruby-progressbar (~> 1.7)
      unicode-display_width (~> 1.0, >= 1.0.1)
    ruby-ll (2.1.2)
      ansi
      ast
    ruby-progressbar (1.8.1)
    ruby2_keywords (0.0.4)
    semantic_puppet (0.1.4)
      gettext-setup (>= 0.3)
    serverspec (2.41.8)
      multi_json
      rspec (~> 3.0)
      rspec-its
      specinfra (~> 2.72)
    sfl (2.3)
    signet (0.15.0)
      addressable (~> 2.3)
      faraday (>= 0.17.3, < 2.0)
      jwt (>= 1.5, < 3.0)
      multi_json (~> 1.10)
    spdx-licenses (1.1.0)
    specinfra (2.82.25)
      net-scp
      net-ssh (>= 2.7)
      net-telnet (= 0.1.1)
      sfl
    stringify-hash (0.0.2)
    text (1.3.1)
    thor (0.20.3)
    trailblazer-option (0.1.1)
    trollop (2.9.10)
    tzinfo (2.0.4)
      concurrent-ruby (~> 1.0)
    uber (0.1.0)
    unf (0.1.4)
      unf_ext
    unf_ext (0.0.7.4)
    unicode-display_width (1.3.0)
    webrick (1.7.0)
    yard (0.9.9)
    zeitwerk (2.4.2)

PLATFORMS
  ruby

DEPENDENCIES
  aws-sdk (~> 2)
  beaker!
  beaker-puppet_install_helper (>= 0.7.1)
  beaker-rspec (>= 6.1.0)
  facter (>= 1.7.0)
  metadata-json-lint
  net-ssh
  puppet (>= 4.2)
  puppet-blacksmith
  puppet-lint (>= 1.0.0)
  puppet_readme_generator
  puppetlabs_spec_helper (>= 1.0.0)
  rspec-puppet
  rspec-retry
  rubocop
  semantic_puppet

BUNDLED WITH
   1.17.3
